GEM
  remote: https://rubygems.org/
  specs:
    actionmailer (4.1.4)
      actionpack (= 4.1.4)
      actionview (= 4.1.4)
      mail (~> 2.5.4)
    actionpack (4.1.4)
      actionview (= 4.1.4)
      activesupport (= 4.1.4)
      rack (~> 1.5.2)
      rack-test (~> 0.6.2)
    actionview (4.1.4)
      activesupport (= 4.1.4)
      builder (~> 3.1)
      erubis (~> 2.7.0)
    activemodel (4.1.4)
      activesupport (= 4.1.4)
      builder (~> 3.1)
    activerecord (4.1.4)
      activemodel (= 4.1.4)
      activesupport (= 4.1.4)
      arel (~> 5.0.0)
    activesupport (4.1.4)
      i18n (~> 0.6, >= 0.6.9)
      json (~> 1.7, >= 1.7.7)
      minitest (~> 5.1)
      thread_safe (~> 0.1)
      tzinfo (~> 1.1)
    addressable (2.3.8)
    airbrake (4.1.0)
      builder
      multi_json
    arel (5.0.1.20140414130214)
    autoprefixer-rails (5.1.8)
      execjs
      json
    autoscaler (0.9.0)
      heroku-api
      sidekiq (>= 2.7, < 3.1)
    aws-sdk (1.63.0)
      aws-sdk-v1 (= 1.63.0)
    aws-sdk-v1 (1.63.0)
      json (~> 1.4)
      nokogiri (>= 1.4.4)
    bcrypt (3.1.10)
    better_errors (2.1.1)
      coderay (>= 1.0.0)
      erubis (>= 2.6.6)
      rack (>= 0.9.0)
    binding_of_caller (0.7.2)
      debug_inspector (>= 0.0.1)
    blankslate (3.1.3)
    builder (3.2.2)
    byebug (4.0.4)
      columnize (= 0.9.0)
    callsite (0.0.11)
    capybara (2.4.4)
      mime-types (>= 1.16)
      nokogiri (>= 1.3.3)
      rack (>= 1.0.0)
      rack-test (>= 0.5.4)
      xpath (~> 2.0)
    capybara-webkit (1.5.0)
      capybara (>= 2.3.0, < 2.5.0)
      json
    celluloid (0.16.0)
      timers (~> 4.0.0)
    childprocess (0.5.5)
      ffi (~> 1.0, >= 1.0.11)
    chunky_png (1.3.4)
    climate_control (0.0.3)
      activesupport (>= 3.0)
    cocaine (0.5.7)
      climate_control (>= 0.0.3, < 1.0)
    coderay (1.1.0)
    coffee-rails (4.1.0)
      coffee-script (>= 2.2.0)
      railties (>= 4.0.0, < 5.0)
    coffee-script (2.3.0)
      coffee-script-source
      execjs
    coffee-script-source (1.9.1)
    colorize (0.7.5)
    columnize (0.9.0)
    comma (3.2.2)
      activesupport (>= 3.0.0)
    compass (1.0.3)
      chunky_png (~> 1.2)
      compass-core (~> 1.0.2)
      compass-import-once (~> 1.0.5)
      rb-fsevent (>= 0.9.3)
      rb-inotify (>= 0.9)
      sass (>= 3.3.13, < 3.5)
    compass-core (1.0.3)
      multi_json (~> 1.0)
      sass (>= 3.3.0, < 3.5)
    compass-import-once (1.0.5)
      sass (>= 3.2, < 3.5)
    compass-rails (2.0.4)
      compass (~> 1.0.0)
      sass-rails (<= 5.0.1)
      sprockets (< 2.13)
    connection_pool (2.1.3)
    countries (0.11.3)
      currencies (~> 0.4.2)
      i18n_data (~> 0.6.0)
    country_select (2.2.0)
      countries (~> 0.11.0)
      sort_alphabetical (~> 1.0)
    cucumber (1.3.19)
      builder (>= 2.1.2)
      diff-lcs (>= 1.1.3)
      gherkin (~> 2.12)
      multi_json (>= 1.7.5, < 2.0)
      multi_test (>= 0.1.2)
    cucumber-rails (1.4.2)
      capybara (>= 1.1.2, < 3)
      cucumber (>= 1.3.8, < 2)
      mime-types (>= 1.16, < 3)
      nokogiri (~> 1.5)
      rails (>= 3, < 5)
    currencies (0.4.2)
    d3-rails (3.5.5)
      railties (>= 3.1)
    dalli (2.7.4)
    dante (0.2.0)
    database_cleaner (1.4.1)
    debug_inspector (0.0.2)
    deep_cloneable (2.0.2)
      activerecord (>= 3.1.0, < 5.0.0)
    devise (3.4.1)
      bcrypt (~> 3.0)
      orm_adapter (~> 0.1)
      railties (>= 3.2.6, < 5)
      responders
      thread_safe (~> 0.1)
      warden (~> 1.2.3)
    diff-lcs (1.2.5)
    docile (1.1.5)
    domain_name (0.5.23)
      unf (>= 0.0.5, < 1.0.0)
    em-websocket (0.5.1)
      eventmachine (>= 0.12.9)
      http_parser.rb (~> 0.6.0)
    email_reply_parser (0.5.8)
    erubis (2.7.0)
    eventmachine (1.0.7)
    excon (0.45.1)
    execjs (2.4.0)
    factory_girl (4.5.0)
      activesupport (>= 3.0.0)
    factory_girl_rails (4.5.0)
      factory_girl (~> 4.5.0)
      railties (>= 3.0.0)
    fastclick-rails (1.0.1)
    ffi (1.9.8)
    font-awesome-sass (4.3.2.1)
      sass (~> 3.2)
    formatador (0.2.5)
    geocoder (1.2.8)
    gherkin (2.12.2)
      multi_json (~> 1.3)
    griddler (1.1.0)
      htmlentities
      rails (>= 3.2.0)
    griddler-mandrill (1.0.2)
      griddler
    guard (2.12.5)
      formatador (>= 0.2.4)
      listen (~> 2.7)
      lumberjack (~> 1.0)
      nenv (~> 0.1)
      notiffany (~> 0.0)
      pry (>= 0.9.12)
      shellany (~> 0.0)
      thor (>= 0.18.1)
    guard-compat (1.2.1)
    guard-livereload (2.4.0)
      em-websocket (~> 0.5)
      guard (~> 2.8)
      multi_json (~> 1.8)
    guard-rspec (4.5.0)
      guard (~> 2.1)
      guard-compat (~> 1.1)
      rspec (>= 2.99.0, < 4.0)
    handlebars_assets (0.20.1)
      execjs (~> 2.0)
      multi_json (~> 1.0)
      sprockets (~> 2.0)
      tilt (~> 1.2)
    heroku (1.6.3)
      json (>= 1.1.0)
      launchy (>= 0.3.2)
      rest-client (>= 1.2.0, < 2.0.0)
    heroku-api (0.3.23)
      excon (~> 0.44)
      multi_json (~> 1.8)
    hike (1.2.3)
    hitimes (1.2.2)
    htmlentities (4.3.3)
    http-cookie (1.0.2)
      domain_name (~> 0.5)
    http_parser.rb (0.6.0)
    i18n (0.7.0)
    i18n_data (0.6.3)
    jimson-temp (0.9.5)
      blankslate (>= 3.1.2)
      multi_json (~> 1.0)
      rack (~> 1.4)
      rest-client (~> 1.0)
    jquery-rails (3.1.2)
      railties (>= 3.0, < 5.0)
      thor (>= 0.14, < 2.0)
    jquery-turbolinks (2.1.0)
      railties (>= 3.1.0)
      turbolinks
    jquery-ui-rails (5.0.3)
      railties (>= 3.2.16)
    json (1.8.2)
    kgio (2.9.3)
    launchy (2.4.3)
      addressable (~> 2.3)
    letter_opener (1.3.0)
      launchy (~> 2.2)
    listen (2.10.0)
      celluloid (~> 0.16.0)
      rb-fsevent (>= 0.9.3)
      rb-inotify (>= 0.9)
    lumberjack (1.0.9)
    mail (2.5.4)
      mime-types (~> 1.16)
      treetop (~> 1.4.8)
    maskedinput-rails (1.3.1.0)
    meta-tags (2.0.0)
      actionpack (>= 3.0.0)
    meta_request (0.3.4)
      callsite (~> 0.0, >= 0.0.11)
      rack-contrib (~> 1.1)
      railties (>= 3.0.0, < 5.0.0)
    method_source (0.8.2)
    mime-types (1.25.1)
    mini_portile (0.6.2)
    minitest (5.5.1)
    momentjs-rails (2.9.0)
      railties (>= 3.1)
    multi_json (1.11.0)
    multi_test (0.1.2)
    nenv (0.2.0)
    netrc (0.10.3)
    newrelic_rpm (3.11.1.284)
    nokogiri (1.6.6.2)
      mini_portile (~> 0.6.0)
    notiffany (0.0.6)
      nenv (~> 0.1)
      shellany (~> 0.0)
    oily_png (1.1.2)
      chunky_png (~> 1.3.1)
    order_as_specified (0.1.0)
      activerecord (~> 4.0)
    orm_adapter (0.5.0)
    paperclip (4.2.1)
      activemodel (>= 3.0.0)
      activesupport (>= 3.0.0)
      cocaine (~> 0.5.3)
      mime-types
    pg (0.18.1)
    polyglot (0.3.5)
    pry (0.10.1)
      coderay (~> 1.1.0)
      method_source (~> 0.8.1)
      slop (~> 3.4)
    pry-byebug (3.1.0)
      byebug (~> 4.0)
      pry (~> 0.10)
    puma (2.11.1)
      rack (>= 1.1, < 2.0)
    rack (1.5.2)
    rack-contrib (1.2.0)
      rack (>= 0.9.1)
    rack-ssl-enforcer (0.2.8)
    rack-test (0.6.3)
      rack (>= 1.0)
    rack-zippy (2.0.2)
    rails (4.1.4)
      actionmailer (= 4.1.4)
      actionpack (= 4.1.4)
      actionview (= 4.1.4)
      activemodel (= 4.1.4)
      activerecord (= 4.1.4)
      activesupport (= 4.1.4)
      bundler (>= 1.3.0, < 2.0)
      railties (= 4.1.4)
      sprockets-rails (~> 2.0)
    rails_12factor (0.0.3)
      rails_serve_static_assets
      rails_stdout_logging
    rails_serve_static_assets (0.0.4)
    rails_stdout_logging (0.0.3)
    railties (4.1.4)
      actionpack (= 4.1.4)
      activesupport (= 4.1.4)
      rake (>= 0.8.7)
      thor (>= 0.18.1, < 2.0)
    raindrops (0.13.0)
    rake (10.4.2)
    rb-fsevent (0.9.4)
    rb-inotify (0.9.5)
      ffi (>= 0.5.0)
    redcarpet (3.2.2)
    redis (3.2.1)
    redis-namespace (1.5.2)
      redis (~> 3.0, >= 3.0.4)
    responders (1.1.2)
      railties (>= 3.2, < 4.2)
    rest-client (1.8.0)
      http-cookie (>= 1.0.2, < 2.0)
      mime-types (>= 1.16, < 3.0)
      netrc (~> 0.7)
    rmagick (2.15.0)
    roo (1.13.2)
      nokogiri
      rubyzip
      spreadsheet (> 0.6.4)
    rspec (3.2.0)
      rspec-core (~> 3.2.0)
      rspec-expectations (~> 3.2.0)
      rspec-mocks (~> 3.2.0)
    rspec-core (3.2.2)
      rspec-support (~> 3.2.0)
    rspec-expectations (3.2.0)
      diff-lcs (>= 1.2.0, < 2.0)
      rspec-support (~> 3.2.0)
    rspec-mocks (3.2.1)
      diff-lcs (>= 1.2.0, < 2.0)
      rspec-support (~> 3.2.0)
    rspec-rails (3.2.1)
      actionpack (>= 3.0, < 4.3)
      activesupport (>= 3.0, < 4.3)
      railties (>= 3.0, < 4.3)
      rspec-core (~> 3.2.0)
      rspec-expectations (~> 3.2.0)
      rspec-mocks (~> 3.2.0)
      rspec-support (~> 3.2.0)
    rspec-stripe (0.0.6)
    rspec-support (3.2.2)
    rubhub (0.3.4)
      json (~> 1.7, >= 1.7.7)
      rest-client (~> 1.6, >= 1.6.7)
    ruby-ole (1.2.11.8)
    rubyzip (1.1.7)
    sass (3.4.13)
    sass-globbing (1.1.1)
      sass (>= 3.1)
    sass-rails (5.0.1)
      railties (>= 4.0.0, < 5.0)
      sass (~> 3.1)
      sprockets (>= 2.8, < 4.0)
      sprockets-rails (>= 2.0, < 4.0)
      tilt (~> 1.1)
    seed-fu (2.3.4)
      activerecord (>= 3.1, <= 4.2)
      activesupport (>= 3.1, <= 4.2)
    selenium-webdriver (2.45.0)
      childprocess (~> 0.5)
      multi_json (~> 1.0)
      rubyzip (~> 1.0)
      websocket (~> 1.0)
    shellany (0.0.1)
    sidekiq (3.0.2)
      celluloid (>= 0.15.2)
      connection_pool (>= 2.0.0)
      json
      redis (>= 3.0.6)
      redis-namespace (>= 1.3.1)
    simplecov (0.9.2)
      docile (~> 1.1.0)
      multi_json (~> 1.0)
      simplecov-html (~> 0.9.0)
    simplecov-html (0.9.0)
    slack-notifier (1.1.0)
    slim (3.0.3)
      temple (~> 0.7.3)
      tilt (>= 1.3.3, < 2.1)
    slop (3.6.0)
    sort_alphabetical (1.0.1)
      unicode_utils (>= 1.2.2)
    spreadsheet (1.0.3)
      ruby-ole (>= 1.0)
    spring (1.3.3)
    sprockets (2.12.3)
      hike (~> 1.2)
      multi_json (~> 1.0)
      rack (~> 1.0)
      tilt (~> 1.1, != 1.3.0)
    sprockets-image_compressor (0.3.0)
      sprockets
    sprockets-rails (2.2.4)
      actionpack (>= 3.0)
      activesupport (>= 3.0)
      sprockets (>= 2.8, < 4.0)
    squirm (0.0.6)
      pg (>= 0.11.0)
    squirm_rails (0.0.2)
      activerecord (>= 3.0.0)
      railties
      squirm (>= 0.0.6)
    stripe (1.20.4)
      json (~> 1.8.1)
      mime-types (>= 1.25, < 3.0)
      rest-client (~> 1.4)
    stripe-ruby-mock (2.0.5)
      dante (>= 0.2.0)
      jimson-temp
      stripe (>= 1.15.0)
    stripe_event (1.5.0)
      activesupport (>= 3.1)
      stripe (~> 1.6)
    temple (0.7.5)
    thor (0.19.1)
    thread_safe (0.3.5)
    tilt (1.4.1)
    timecop (0.7.3)
    timers (4.0.1)
      hitimes
    topojson-rails (1.4.9)
      railties (>= 3.0, < 5.0)
    treetop (1.4.15)
      polyglot
      polyglot (>= 0.3.1)
    turbolinks (2.5.3)
      coffee-rails
    tzinfo (1.2.2)
      thread_safe (~> 0.1)
    uglifier (2.7.1)
      execjs (>= 0.3.0)
      json (>= 1.8.0)
    underscore-rails (1.8.2)
    unf (0.1.4)
      unf_ext
    unf_ext (0.0.6)
    unicode_utils (1.4.0)
    unicorn (4.8.3)
      kgio (~> 2.6)
      rack
      raindrops (~> 0.7)
    warden (1.2.3)
      rack (>= 1.0)
    websocket (1.2.1)
    will_paginate (3.0.7)
    xpath (2.0.0)
      nokogiri (~> 1.3)

PLATFORMS
  ruby

DEPENDENCIES
  airbrake
  autoprefixer-rails
  autoscaler
  aws-sdk (< 2.0)
  bcrypt
  better_errors
  binding_of_caller
  byebug
  capybara-webkit
  colorize
  comma (~> 3.0)
  compass-rails
  connection_pool
  countries
  country_select
  cucumber-rails
  d3-rails
  dalli
  database_cleaner
  deep_cloneable (~> 2.0.0)
  devise
  email_reply_parser
  factory_girl_rails
  fastclick-rails
  font-awesome-sass
  geocoder
  griddler
  griddler-mandrill
  guard-livereload
  guard-rspec
  handlebars_assets
  heroku
  jquery-rails
  jquery-turbolinks
  jquery-ui-rails
  letter_opener
  maskedinput-rails
  meta-tags
  meta_request
  momentjs-rails
  newrelic_rpm
  oily_png
  order_as_specified
  paperclip
  pg
  pry-byebug
  puma
  rack-ssl-enforcer
  rack-zippy
  rails (= 4.1.4)
  rails_12factor
  rb-fsevent
  redcarpet
  redis
  rest-client
  rmagick
  roo
  rspec-rails
  rspec-stripe
  rubhub
  sass-globbing
  sass-rails
  seed-fu
  selenium-webdriver (>= 2.45.0.dev3)
  sidekiq
  simplecov
  slack-notifier
  slim
  spreadsheet
  spring
  sprockets-image_compressor
  squirm_rails
  stripe
  stripe-ruby-mock (~> 2.0.5)
  stripe_event
  timecop
  topojson-rails
  uglifier
  underscore-rails
  unicorn
  will_paginate
